NUGET
  remote: http://api.nuget.org/v3/index.json
  specs:
    Accord (3.0.2)
    Accord.Imaging (3.0.2)
      Accord (>= 3.0.2)
      Accord.MachineLearning (>= 3.0.2)
      Accord.Math (>= 3.0.2)
      Accord.Statistics (>= 3.0.2)
    Accord.MachineLearning (3.0.2)
      Accord (>= 3.0.2)
      Accord.Math (>= 3.0.2)
      Accord.Statistics (>= 3.0.2)
    Accord.Math (3.0.2)
      Accord (>= 3.0.2)
    Accord.Statistics (3.0.2)
      Accord (>= 3.0.2)
      Accord.Math (>= 3.0.2)
    FAKE (4.20.0)
    FSharp.Data (2.2.5)
      Zlib.Portable (>= 1.10.0) - framework: portable-net40+sl50+wp80+win80
    SharpDX (3.0.1)
    SharpDX.Desktop (3.0.1)
      SharpDX (>= 3.0.1)
    SharpDX.Direct2D1 (3.0.1)
      SharpDX (>= 3.0.1)
      SharpDX.DXGI (>= 3.0.1)
    SharpDX.Direct3D11 (3.0.1)
      SharpDX (>= 3.0.1)
      SharpDX.DXGI (>= 3.0.1)
    SharpDX.DXGI (3.0.1)
      SharpDX (>= 3.0.1)
    Zlib.Portable (1.11.0) - framework: portable-net40+sl50+wp80+win80
